GEM
  remote: https://rubygems.org/
  specs:
    builder (3.0.0)
    flacinfo-rb (0.4)
    metaclass (0.0.1)
    minitest (2.11.2)
    mocha (0.13.1)
      metaclass (~> 0.0.1)
    nokogiri (1.5.0)
    puma (1.2.1)
      rack (~> 1.2)
    rack (1.4.1)
    rack-test (0.6.1)
      rack (>= 1.0)
    sinatra (1.2.6)
      rack (~> 1.1)
      tilt (>= 1.2.2, < 2.0)
    taglib-ruby (0.5.2)
    tilt (1.3.3)
    tokyocabinet (1.29)

PLATFORMS
  ruby

DEPENDENCIES
  builder
  flacinfo-rb
  minitest
  mocha
  nokogiri
  puma
  rack-test
  sinatra
  taglib-ruby
  tokyocabinet
